GEM
  remote: https://rubygems.org/
  specs:
    coderay (1.1.3)
    colorize (0.8.1)
    method_source (1.0.0)
    nokogiri (1.11.1-x86_64-linux)
      racc (~> 1.4)
    open-uri (0.1.0)
    pry (0.13.1)
      coderay (~> 1.1)
      method_source (~> 1.0)
    racc (1.5.2)
    terminal-table (3.0.0)
      unicode-display_width (~> 1.1, >= 1.1.1)
    tty-cursor (0.7.1)
    tty-font (0.5.0)
    tty-spinner (0.9.3)
      tty-cursor (~> 0.7)
    unicode-display_width (1.7.0)

PLATFORMS
  x86_64-linux

DEPENDENCIES
  colorize
  nokogiri
  open-uri
  pry
  terminal-table (~> 3.0)
  tty-font
  tty-spinner

BUNDLED WITH
   2.2.5
